PATH
  remote: .
  specs:
    rouge.js (0.1.0)

GEM
  remote: https://rubygems.org/
  specs:
    ast (2.4.0)
    opal (1.0.2)
      ast (>= 2.3.0)
      parser (~> 2.6)
    parser (2.7.0.2)
      ast (~> 2.4.0)
    rouge (3.14.0)

PLATFORMS
  ruby

DEPENDENCIES
  opal (~> 1.0)
  rouge (~> 3.14)
  rouge.js!

BUNDLED WITH
   1.17.2
